NUGET
  remote: https://www.nuget.org/api/v2
  specs:
    AjaxMin (5.14.5506.26202)
    FSharp.Compiler.Service (2.0.0.4)
    Persimmon (1.0.2)
    Persimmon.Console (1.0.2)
